PATH
  remote: .
  specs:
    xss (0.0.1)

GEM
  remote: https://rubygems.org/
  specs:
    power_assert (1.1.4)
    rake (12.3.2)
    rake-compiler (1.0.7)
      rake
    test-unit (3.3.3)
      power_assert


DEPENDENCIES
  rake-compiler
  test-unit
  xss!

BUNDLED WITH
   3.0.3
